PATH
  remote: .
  specs:
    google_text (0.0.3)
      curb (~> 0.7.6)
      json
      nokogiri

GEM
  remote: http://rubygems.org/
  specs:
    curb (0.7.15)
    diff-lcs (1.1.3)
    fakeweb (1.3.0)
    json (1.6.1)
    nokogiri (1.5.0)
    rake (0.9.2)
    rspec (2.6.0)
      rspec-core (~> 2.6.0)
      rspec-expectations (~> 2.6.0)
      rspec-mocks (~> 2.6.0)
    rspec-core (2.6.4)
    rspec-expectations (2.6.0)
      diff-lcs (~> 1.1.2)
    rspec-mocks (2.6.0)

PLATFORMS
  ruby

DEPENDENCIES
  fakeweb
  google_text!
  rake
  rspec
